GIT
  remote: git@github.com:envato/sso-client.git
  revision: 725d5405fe1046e9355167b5316259bab6d716d6
  specs:
    sso_client (0.26.0)
      jwt_signed_request (~> 2.4.0)

GIT
  remote: git@github.com:freshout-dev/arrow.git
  revision: c1b95848059c4d86a76f189c023e1475754b87c6
  specs:
    arrow (0.0.1)

GIT
  remote: git@github.com:freshout-dev/uglifier_with_source_maps.git
  revision: 94f765a2324d8127b5b25db2aa29116de0abec6b
  specs:
    uglifier_with_source_maps (1.0.4)
      actionpack (~> 3.2.18)
      sprockets (~> 2.2.2)
      uglifier (>= 2.5.0)

GEM
  remote: https://rubygems.org/
  specs:
    3scale_client (2.6.1)
      nokogiri
    CFPropertyList (2.3.6)
    abstract_command (0.0.6)
    actionmailer (3.2.18)
      actionpack (= 3.2.18)
      mail (~> 2.5.4)
    actionpack (3.2.18)
      activemodel (= 3.2.18)
      activesupport (= 3.2.18)
      builder (~> 3.0.0)
      erubis (~> 2.7.0)
      journey (~> 1.0.4)
      rack (~> 1.4.5)
      rack-cache (~> 1.2)
      rack-test (~> 0.6.1)
      sprockets (~> 2.2.1)
    active_model_serializers (0.8.1)
      activemodel (>= 3.0)
    activemodel (3.2.18)
      activesupport (= 3.2.18)
      builder (~> 3.0.0)
    activerecord (3.2.18)
      activemodel (= 3.2.18)
      activesupport (= 3.2.18)
      arel (~> 3.0.2)
      tzinfo (~> 0.3.29)
    activeresource (3.2.18)
      activemodel (= 3.2.18)
      activesupport (= 3.2.18)
    activesupport (3.2.18)
      i18n (~> 0.6, >= 0.6.4)
      multi_json (~> 1.0)
    acts-as-taggable-on (3.5.0)
      activerecord (>= 3.2, < 5)
    acts_as_list (0.1.9)
    addressable (2.3.6)
    airbrake (4.0.0)
      builder
      multi_json
    algoliasearch (1.14.0)
      httpclient (~> 2.8.3)
      json (>= 1.5.1)
    algoliasearch-rails (1.20.0)
      algoliasearch (~> 1.14.0)
      json (>= 1.5.1)
    arel (3.0.3)
    asset_sync (2.0.0)
      activemodel
      fog-core
      mime-types
      unf
    autoparse (0.3.3)
      addressable (>= 2.3.1)
      extlib (>= 0.9.15)
      multi_json (>= 1.0.0)
    aws-s3 (0.6.3)
      builder
      mime-types
      xml-simple
    bcrypt-ruby (3.0.1)
    builder (3.0.4)
    byebug (9.0.6)
    canonical-rails (0.1.0)
      rails (>= 3.1, < 5.1)
    capybara (2.1.0)
      mime-types (>= 1.16)
      nokogiri (>= 1.3.3)
      rack (>= 1.0.0)
      rack-test (>= 0.5.4)
      xpath (~> 2.0)
    carrierwave (0.9.0)
      activemodel (>= 3.2.0)
      activesupport (>= 3.2.0)
      json (>= 1.7)
    carrierwave_backgrounder (0.4.2)
      carrierwave (~> 0.5)
    carrierwave_direct (0.0.15)
      carrierwave
      fog
      uuidtools
    celluloid (0.17.4)
      celluloid-essentials
      celluloid-extras
      celluloid-fsm
      celluloid-pool
      celluloid-supervision
      timers (>= 4.1.1)
    celluloid-essentials (0.20.5)
      timers (>= 4.1.1)
    celluloid-extras (0.20.5)
      timers (>= 4.1.1)
    celluloid-fsm (0.20.5)
      timers (>= 4.1.1)
    celluloid-pool (0.20.5)
      timers (>= 4.1.1)
    celluloid-supervision (0.20.6)
      timers (>= 4.1.1)
    chronic (0.10.2)
    chunky_png (1.3.11)
    cliver (0.2.2)
    cocoon (1.2.5)
    coderay (1.1.2)
    coffee-rails (3.2.2)
      coffee-script (>= 2.2.0)
      railties (~> 3.2.0)
    coffee-script (2.4.1)
      coffee-script-source
      execjs
    coffee-script-source (1.12.2)
    compass (0.12.7)
      chunky_png (~> 1.2)
      fssm (>= 0.2.7)
      sass (~> 3.2.19)
    compass-rails (1.0.3)
      compass (>= 0.12.2, < 0.14)
    concurrent-ruby (1.1.5)
    createsend (3.4.0)
      hashie (>= 1.2, < 3)
      httparty (~> 0.10)
      json
    daemons (1.2.6)
    damerau-levenshtein (1.3.0)
    database_cleaner (1.2.0)
    ddtrace (0.24.0)
      msgpack
    delayed_job (4.1.6)
      activesupport (>= 3.0, < 5.3)
    delayed_job_active_record (4.1.1)
      activerecord (>= 3.0, < 5.1)
      delayed_job (>= 3.0, < 5)
    diff-lcs (1.3)
    dogapi (1.24.0)
      multi_json
    domain_name (0.5.20180417)
      unf (>= 0.0.5, < 1.0.0)
    dry-inflector (0.1.2)
    erubis (2.7.0)
    excon (0.64.0)
    execjs (2.7.0)
    experimental_method (0.0.1)
    extlib (0.9.16)
    factory_girl (4.2.0)
      activesupport (>= 3.0.0)
    factory_girl_rails (4.2.1)
      factory_girl (~> 4.2.0)
      railties (>= 3.0.0)
    faraday (0.15.4)
      multipart-post (>= 1.2, < 3)
    filelock (1.1.1)
    fission (0.5.0)
      CFPropertyList (~> 2.2)
    fog (1.41.0)
      fog-aliyun (>= 0.1.0)
      fog-atmos
      fog-aws (>= 0.6.0)
      fog-brightbox (~> 0.4)
      fog-cloudatcost (~> 0.1.0)
      fog-core (~> 1.45)
      fog-digitalocean (>= 0.3.0)
      fog-dnsimple (~> 1.0)
      fog-dynect (~> 0.0.2)
      fog-ecloud (~> 0.1)
      fog-google (<= 0.1.0)
      fog-internet-archive
      fog-joyent
      fog-json
      fog-local
      fog-openstack
      fog-powerdns (>= 0.1.1)
      fog-profitbricks
      fog-rackspace
      fog-radosgw (>= 0.0.2)
      fog-riakcs
      fog-sakuracloud (>= 0.0.4)
      fog-serverlove
      fog-softlayer
      fog-storm_on_demand
      fog-terremark
      fog-vmfusion
      fog-voxel
      fog-vsphere (>= 0.4.0)
      fog-xenserver
      fog-xml (~> 0.1.1)
      ipaddress (~> 0.5)
      json (>= 1.8, < 2.0)
    fog-aliyun (0.3.3)
      fog-core
      fog-json
      ipaddress (~> 0.8)
      xml-simple (~> 1.1)
    fog-atmos (0.1.0)
      fog-core
      fog-xml
    fog-aws (2.0.1)
      fog-core (~> 1.38)
      fog-json (~> 1.0)
      fog-xml (~> 0.1)
      ipaddress (~> 0.8)
    fog-brightbox (0.16.1)
      dry-inflector
      fog-core
      fog-json
      mime-types
    fog-cloudatcost (0.1.2)
      fog-core (~> 1.36)
      fog-json (~> 1.0)
      fog-xml (~> 0.1)
      ipaddress (~> 0.8)
    fog-core (1.45.0)
      builder
      excon (~> 0.58)
      formatador (~> 0.2)
    fog-digitalocean (0.4.0)
      fog-core
      fog-json
      fog-xml
      ipaddress (>= 0.5)
    fog-dnsimple (1.0.0)
      fog-core (~> 1.38)
      fog-json (~> 1.0)
    fog-dynect (0.0.3)
      fog-core
      fog-json
      fog-xml
    fog-ecloud (0.3.0)
      fog-core
      fog-xml
    fog-google (0.1.0)
      fog-core
      fog-json
      fog-xml
    fog-internet-archive (0.0.1)
      fog-core
      fog-json
      fog-xml
    fog-joyent (0.0.1)
      fog-core (~> 1.42)
      fog-json (>= 1.0)
    fog-json (1.2.0)
      fog-core
      multi_json (~> 1.10)
    fog-local (0.6.0)
      fog-core (>= 1.27, < 3.0)
    fog-openstack (0.1.24)
      fog-core (~> 1.40)
      fog-json (>= 1.0)
      ipaddress (>= 0.8)
    fog-powerdns (0.2.0)
      fog-core
      fog-json
      fog-xml
    fog-profitbricks (4.1.1)
      fog-core (~> 1.42)
      fog-json (~> 1.0)
    fog-rackspace (0.1.6)
      fog-core (>= 1.35)
      fog-json (>= 1.0)
      fog-xml (>= 0.1)
      ipaddress (>= 0.8)
    fog-radosgw (0.0.5)
      fog-core (>= 1.21.0)
      fog-json
      fog-xml (>= 0.0.1)
    fog-riakcs (0.1.0)
      fog-core
      fog-json
      fog-xml
    fog-sakuracloud (1.7.5)
      fog-core
      fog-json
    fog-serverlove (0.1.2)
      fog-core
      fog-json
    fog-softlayer (1.1.4)
      fog-core
      fog-json
    fog-storm_on_demand (0.1.1)
      fog-core
      fog-json
    fog-terremark (0.1.0)
      fog-core
      fog-xml
    fog-vmfusion (0.1.0)
      fission
      fog-core
    fog-voxel (0.1.0)
      fog-core
      fog-xml
    fog-vsphere (3.1.1)
      fog-core
      rbvmomi (>= 1.9, < 3)
    fog-xenserver (0.3.0)
      fog-core
      fog-xml
    fog-xml (0.1.3)
      fog-core
      nokogiri (>= 1.5.11, < 2.0.0)
    formatador (0.2.5)
    friendly_id (4.0.10.1)
      activerecord (>= 3.0, < 4.0)
    fssm (0.2.10)
    google-api-client (0.8.2)
      activesupport (>= 3.2)
      addressable (~> 2.3)
      autoparse (~> 0.3)
      extlib (~> 0.9)
      faraday (~> 0.9)
      launchy (~> 2.4)
      multi_json (~> 1.10)
      retriable (~> 1.4)
      signet (~> 0.6)
    hashie (2.1.2)
    hike (1.2.3)
    hitimes (1.3.0)
    http-cookie (1.0.3)
      domain_name (~> 0.5)
    httparty (0.13.1)
      json (~> 1.8)
      multi_xml (>= 0.5.2)
    httpclient (2.8.3)
    i18n (0.9.5)
      concurrent-ruby (~> 1.0)
    image_sorcery (1.1.0)
    ipaddress (0.8.3)
    jbuilder (2.6.4)
      activesupport (>= 3.0.0)
      multi_json (>= 1.2)
    journey (1.0.4)
    jpbuilder (0.2.2)
      jbuilder
    jquery-fileupload-rails (0.4.1)
      actionpack (>= 3.1)
      railties (>= 3.1)
    jquery-rails (3.0.4)
      railties (>= 3.0, < 5.0)
      thor (>= 0.14, < 2.0)
    json (1.8.6)
    jwt (2.1.0)
    jwt_signed_request (2.4.1)
      jwt (>= 1.5.0, < 2.2.0)
      rack
    keen (0.9.7)
      addressable (~> 2.3.5)
      multi_json (~> 1.3)
    kgio (2.8.1)
    launchy (2.4.3)
      addressable (~> 2.3)
    le (2.7.1)
    letter_opener (1.1.2)
      launchy (~> 2.2)
    libv8 (3.16.14.19)
    lupe (0.0.1)
    mail (2.5.5)
      mime-types (~> 1.16)
      treetop (~> 1.4.8)
    metaclass (0.0.4)
    method_source (0.8.2)
    mime-types (1.25.1)
    mimemagic (0.3.3)
    mini_magick (3.7.0)
      subexec (~> 0.2.1)
    mini_portile2 (2.1.0)
    mocha (1.9.0)
      metaclass (~> 0.0.1)
    msgpack (1.2.10)
    multi_json (1.13.1)
    multi_xml (0.6.0)
    multipart-post (2.1.1)
    mysql2 (0.3.20)
    net-ssh (2.6.5)
    netrc (0.11.0)
    nifty-generators (0.4.6)
    nokogiri (1.6.8.1)
      mini_portile2 (~> 2.1.0)
    opentracing (0.5.0)
    optimist (3.0.0)
    parallel (1.12.1)
    poltergeist (1.4.1)
      capybara (~> 2.1.0)
      cliver (~> 0.2.1)
      multi_json (~> 1.0)
      websocket-driver (>= 0.2.0)
    polyglot (0.3.5)
    pry (0.10.4)
      coderay (~> 1.1.0)
      method_source (~> 0.8.1)
      slop (~> 3.4)
    quiet_assets (1.0.2)
      railties (>= 3.1, < 5.0)
    rack (1.4.7)
    rack-cache (1.2)
      rack (>= 0.4)
    rack-protection (1.5.5)
      rack
    rack-ssl (1.3.4)
      rack
    rack-test (0.6.3)
      rack (>= 1.0)
    rack-utf8_sanitizer (1.2.4)
      rack (~> 1.0)
    railroady (1.5.3)
    rails (3.2.18)
      actionmailer (= 3.2.18)
      actionpack (= 3.2.18)
      activerecord (= 3.2.18)
      activeresource (= 3.2.18)
      activesupport (= 3.2.18)
      bundler (~> 1.0)
      railties (= 3.2.18)
    rails-dev-tweaks (1.2.0)
      actionpack (>= 3.1)
      railties (>= 3.1)
    railties (3.2.18)
      actionpack (= 3.2.18)
      activesupport (= 3.2.18)
      rack-ssl (~> 1.3.2)
      rake (>= 0.8.7)
      rdoc (~> 3.4)
      thor (>= 0.14.6, < 2.0)
    raindrops (0.12.0)
    rake (10.1.1)
    rbvmomi (2.2.0)
      builder (~> 3.0)
      json (>= 1.8)
      nokogiri (~> 1.5)
      optimist (~> 3.0)
    rdoc (3.12.2)
      json (~> 1.4)
    recurly (2.17.0)
    ref (2.0.0)
    rest-client (1.8.0)
      http-cookie (>= 1.0.2, < 2.0)
      mime-types (>= 1.16, < 3.0)
      netrc (~> 0.7)
    retriable (1.4.1)
    rspec-core (2.14.8)
    rspec-expectations (2.14.5)
      diff-lcs (>= 1.1.3, < 2.0)
    rspec-mocks (2.14.6)
    rspec-rails (2.14.2)
      actionpack (>= 3.0)
      activemodel (>= 3.0)
      activesupport (>= 3.0)
      railties (>= 3.0)
      rspec-core (~> 2.14.0)
      rspec-expectations (~> 2.14.0)
      rspec-mocks (~> 2.14.0)
    sass (3.2.19)
    sass-rails (3.2.6)
      railties (~> 3.2.0)
      sass (>= 3.1.10)
      tilt (~> 1.3)
    scout_apm (3.0.0.pre28)
    sendgrid-ruby (1.1.6)
      faraday (~> 0.9)
      mimemagic
      smtpapi (~> 0.1)
    sendgrid_toolkit (1.4.0)
      httparty (>= 0.7.6)
    signet (0.11.0)
      addressable (~> 2.3)
      faraday (~> 0.9)
      jwt (>= 1.5, < 3.0)
      multi_json (~> 1.10)
    simple_segment (0.3.0)
    sinatra (1.4.6)
      rack (~> 1.4)
      rack-protection (~> 1.4)
      tilt (>= 1.3, < 3)
    sitemap_generator (5.0.5)
      builder
    slop (3.6.0)
    smtpapi (0.1.0)
    sprockets (2.2.3)
      hike (~> 1.2)
      multi_json (~> 1.0)
      rack (~> 1.0)
      tilt (~> 1.1, != 1.3.0)
    streamio-ffmpeg (1.0.0)
    subexec (0.2.3)
    sucker_punch (1.6.0)
      celluloid (~> 0.17.2)
    therubyracer (0.12.3)
      libv8 (~> 3.16.14.15)
      ref
    thor (0.20.3)
    throttling (0.3.1)
    tilt (1.4.1)
    timers (4.1.2)
      hitimes
    treetop (1.4.15)
      polyglot
      polyglot (>= 0.3.1)
    turbo-sprockets-rails3 (0.3.14)
      railties (> 3.2.8, < 4.0.0)
      sprockets (>= 2.2.0)
    tzinfo (0.3.55)
    uglifier (2.7.1)
      execjs (>= 0.3.0)
      json (>= 1.8.0)
    unf (0.1.4)
      unf_ext
    unf_ext (0.0.7.6)
    unicorn (4.6.3)
      kgio (~> 2.6)
      rack
      raindrops (~> 0.7)
    uuidtools (2.1.5)
    vero (0.9.1)
      json
      rest-client
      sucker_punch (~> 1.6.0)
    webrick (1.3.1)
    websocket-driver (0.7.1)
      websocket-extensions (>= 0.1.0)
    websocket-extensions (0.1.4)
    whenever (0.8.4)
      activesupport (>= 2.3.4)
      chronic (>= 0.6.3)
    will_paginate (3.1.7)
    xml-simple (1.1.5)
    xpath (2.1.0)
      nokogiri (~> 1.3)
    zipruby (0.3.6)

PLATFORMS
  ruby

DEPENDENCIES
  3scale_client (= 2.6.1)
  abstract_command (= 0.0.6)
  active_model_serializers (= 0.8.1)
  acts-as-taggable-on (= 3.5.0)
  acts_as_list (= 0.1.9)
  addressable (= 2.3.6)
  airbrake (= 4.0.0)
  algoliasearch-rails (= 1.20.0)
  arrow (= 0.0.1)!
  asset_sync (= 2.0.0)
  aws-s3 (= 0.6.3)
  bcrypt-ruby (~> 3.0.0)
  byebug (= 9.0.6)
  canonical-rails (~> 0.1.0)
  capybara (~> 2.1.0)
  carrierwave (= 0.9.0)
  carrierwave_backgrounder (= 0.4.2)
  carrierwave_direct (= 0.0.15)
  cocoon (= 1.2.5)
  coffee-rails (~> 3.2.1)
  compass-rails (= 1.0.3)
  createsend (~> 3.4.0)
  daemons (= 1.2.6)
  damerau-levenshtein (= 1.3.0)
  database_cleaner (~> 1.2.0)
  ddtrace (= 0.24.0)
  delayed_job_active_record (= 4.1.1)
  dogapi (= 1.24.0)
  experimental_method (= 0.0.1)
  factory_girl_rails (~> 4.2.1)
  filelock (= 1.1.1)
  fog (= 1.41.0)
  fog-openstack (= 0.1.24)
  fog-xenserver (= 0.3.0)
  friendly_id (~> 4.0.10)
  google-api-client (= 0.8.2)
  hitimes (= 1.3.0)
  httparty (= 0.13.1)
  image_sorcery (= 1.1.0)
  jpbuilder (= 0.2.2)
  jquery-fileupload-rails (= 0.4.1)
  jquery-rails (= 3.0.4)
  keen (= 0.9.7)
  kgio (= 2.8.1)
  le (= 2.7.1)
  letter_opener (= 1.1.2)
  lupe (= 0.0.1)
  mini_magick (= 3.7.0)
  mocha
  mysql2 (= 0.3.20)
  net-ssh (= 2.6.5)
  nifty-generators
  nokogiri (~> 1.6.0)
  opentracing
  parallel (~> 1.12.0)
  poltergeist (~> 1.4.1)
  pry (~> 0.10.4)
  quiet_assets (= 1.0.2)
  rack-cache (= 1.2)
  rack-utf8_sanitizer (= 1.2.4)
  railroady
  rails (= 3.2.18)
  rails-dev-tweaks (~> 1.1)
  raindrops (= 0.12.0)
  rake (= 10.1.1)
  recurly (= 2.17.0)
  rest-client (= 1.8.0)
  rspec-rails (~> 2.14.0)
  sass (= 3.2.19)
  sass-rails (= 3.2.6)
  scout_apm (~> 3.0.x)
  sendgrid-ruby (= 1.1.6)
  sendgrid_toolkit (>= 1.1.1)
  simple_segment (= 0.3.0)
  sinatra
  sitemap_generator (= 5.0.5)
  sso_client!
  streamio-ffmpeg (= 1.0.0)
  therubyracer (>= 0.12.0)
  throttling
  timers (= 4.1.2)
  turbo-sprockets-rails3 (= 0.3.14)
  uglifier (= 2.7.1)
  uglifier_with_source_maps (~> 1.0.4)!
  unf (= 0.1.4)
  unicorn (= 4.6.3)
  vero (= 0.9.1)
  webrick (~> 1.3.1)
  whenever (= 0.8.4)
  will_paginate (~> 3.0.pre2)
  zipruby (= 0.3.6)

BUNDLED WITH
   1.16.1
